GEM
  remote: http://rubygems.org/
  specs:
    diff-lcs (1.1.3)
    rake (0.9.2.2)
    rspec (2.8.0.rc1)
      rspec-core (= 2.8.0.rc1)
      rspec-expectations (= 2.8.0.rc1)
      rspec-mocks (= 2.8.0.rc1)
    rspec-core (2.8.0.rc1)
    rspec-expectations (2.8.0.rc1)
      diff-lcs (~> 1.1.2)
    rspec-mocks (2.8.0.rc1)

PLATFORMS
  ruby

DEPENDENCIES
  rake
  rspec (~> 2.8.0rc1)
